GEM
  remote: https://rubygems.org/
  specs:
    dropbox-api (0.4.1)
      hashie
      multi_json
      oauth
    hashie (2.0.5)
    multi_json (1.8.4)
    oauth (0.4.7)
    rack (1.5.2)
    rack-protection (1.5.1)
      rack
    sinatra (1.4.4)
      rack (~> 1.4)
      rack-protection (~> 1.4)
      tilt (~> 1.3, >= 1.3.4)
    tilt (1.4.1)

PLATFORMS
  ruby

DEPENDENCIES
  dropbox-api
  sinatra
